GEM
  remote: https://rubygems.org/
  specs:
    fileutils (0.7)
      rmagick (>= 2.13.1)
    mini_portile2 (2.0.0)
    nokogiri (1.6.7.2)
      mini_portile2 (~> 2.0.0.rc2)
    rmagick (2.15.4)
    sqlite3 (1.3.11)

PLATFORMS
  ruby

DEPENDENCIES
  fileutils
  nokogiri
  sqlite3

BUNDLED WITH
   1.12.3
